PATH
  remote: .
  specs:
    tcmb_exchange (0.4.0)
      nokogiri (~> 1.10, >= 1.10.4)

GEM
  remote: https://rubygems.org/
  specs:
    mini_portile2 (2.4.0)
    nokogiri (1.10.8)
      mini_portile2 (~> 2.4.0)
    rake (12.3.3)

PLATFORMS
  ruby

DEPENDENCIES
  bundler (~> 2.0, >= 2.0.2)
  rake (~> 12.3, >= 12.3.3)
  tcmb_exchange!

BUNDLED WITH
   2.0.2
